GEM
  remote: http://rubygems.org/
  specs:
    daemons (1.1.5)
    eventmachine (0.12.10)
    foreman (0.31.0)
      term-ansicolor (~> 1.0.5)
      thor (>= 0.13.6)
    hashie (1.2.0)
    oauth (0.4.5)
    omniauth (1.0.1)
      hashie (~> 1.2)
      rack
    omniauth-oauth (1.0.0)
      oauth
      omniauth (~> 1.0)
    omniauth-twitter (0.0.7)
      omniauth-oauth (~> 1.0)
    rack (1.3.6)
    rack-protection (1.2.0)
      rack
    sinatra (1.3.2)
      rack (~> 1.3, >= 1.3.6)
      rack-protection (~> 1.2)
      tilt (~> 1.3, >= 1.3.3)
    term-ansicolor (1.0.7)
    thin (1.3.1)
      daemons (>= 1.0.9)
      eventmachine (>= 0.12.6)
      rack (>= 1.0.0)
    thor (0.14.6)
    tilt (1.3.3)

PLATFORMS
  ruby

DEPENDENCIES
  foreman
  omniauth
  omniauth-twitter
  rack (~> 1.3.6)
  sinatra
  thin
